GIT
  remote: http://github.com/markolson/suby
  revision: f44e9821f0f6ff07d2729a3a0b3abc386861b9e9
  specs:
    suby (0.4.0)
      mime-types (>= 1.19)
      nokogiri
      path (>= 1.3.0)
      rubyzip
      term-ansicolor

GEM
  remote: http://rubygems.org/
  specs:
    Ascii85 (1.0.2)
    afm (0.2.0)
    hashery (2.1.0)
    mime-types (1.19)
    nokogiri (1.5.6)
    path (1.3.1)
    pdf-reader (1.3.0)
      Ascii85 (~> 1.0.0)
      afm (~> 0.2.0)
      hashery (~> 2.0)
      ruby-rc4
      ttfunk
    prawn (0.12.0)
      pdf-reader (>= 0.9.0)
      ttfunk (~> 1.0.2)
    rmagick (2.13.1)
    ruby-progressbar (1.0.2)
    ruby-rc4 (0.1.5)
    rubyzip (0.9.9)
    term-ansicolor (1.0.7)
    ttfunk (1.0.3)

PLATFORMS
  ruby

DEPENDENCIES
  nokogiri
  prawn
  rmagick
  ruby-progressbar
  suby!
